GIT
  remote: https://github.com/dickmao/discourse_api.git
  revision: f7e79ed525bc65567eba49a838d02c8f4a595318
  branch: dev
  specs:
    discourse_api (0.38.0.pre.dev)
      faraday (~> 0.9)
      faraday_middleware (~> 0.10)
      rack (>= 1.6)

GIT
  remote: https://github.com/dickmao/jimson.git
  revision: 22160cf954fdad3d44c4d597b2f47cc7fe58200e
  branch: next
  specs:
    jimson (0.11.0)
      blankslate (~> 3.1, >= 3.1.3)
      multi_json (~> 1, >= 1.11.2)
      rack (~> 2, >= 2.1.4)
      rest-client (~> 1, >= 1.7.3)

PATH
  remote: .
  specs:
    nndiscourse (0.1.0)
      jimson (~> 0.11.0)
      thor (~> 0.20.3)

GEM
  remote: https://rubygems.org/
  specs:
    ast (2.4.0)
    blankslate (3.1.3)
    diff-lcs (1.3)
    domain_name (0.5.20190701)
      unf (>= 0.0.5, < 1.0.0)
    faraday (0.17.3)
      multipart-post (>= 1.2, < 3)
    faraday_middleware (0.14.0)
      faraday (>= 0.7.4, < 1.0)
    http-cookie (1.0.3)
      domain_name (~> 0.5)
    jaro_winkler (1.5.4)
    mime-types (2.99.3)
    multi_json (1.15.0)
    multipart-post (2.1.1)
    netrc (0.11.0)
    parallel (1.19.1)
    parser (2.7.0.2)
      ast (~> 2.4.0)
    rack (2.2.6.4)
    rainbow (3.0.0)
    rake (13.0.1)
    rest-client (1.8.0)
      http-cookie (>= 1.0.2, < 2.0)
      mime-types (>= 1.16, < 3.0)
      netrc (~> 0.7)
    rspec (3.9.0)
      rspec-core (~> 3.9.0)
      rspec-expectations (~> 3.9.0)
      rspec-mocks (~> 3.9.0)
    rspec-core (3.9.1)
      rspec-support (~> 3.9.1)
    rspec-expectations (3.9.0)
      diff-lcs (>= 1.2.0, < 2.0)
      rspec-support (~> 3.9.0)
    rspec-mocks (3.9.1)
      diff-lcs (>= 1.2.0, < 2.0)
      rspec-support (~> 3.9.0)
    rspec-support (3.9.2)
    rubocop (0.79.0)
      jaro_winkler (~> 1.5.1)
      parallel (~> 1.10)
      parser (>= 2.7.0.1)
      rainbow (>= 2.2.2, < 4.0)
      ruby-progressbar (~> 1.7)
      unicode-display_width (>= 1.4.0, < 1.7)
    ruby-progressbar (1.10.1)
    thor (0.20.3)
    unf (0.1.4)
      unf_ext
    unf_ext (0.0.7.7)
    unicode-display_width (1.6.1)

PLATFORMS
  ruby

DEPENDENCIES
  bundler (~> 2.0)
  discourse_api!
  jimson!
  nndiscourse!
  rake (~> 13.0)
  rspec (~> 3.4)
  rubocop (~> 0.69)

BUNDLED WITH
   2.0.2
